GEM
  remote: https://rubygems.org/
  specs:
    addressable (2.5.2)
      public_suffix (>= 2.0.2, < 4.0)
    colorator (1.1.0)
    did_you_mean (1.4.0)
    dotenv (0.9.0)
    ffi (1.15.5)
    ffi (1.15.5-x86-mingw32)
    foreman (0.63.0)
      dotenv (>= 0.7)
      thor (>= 0.13.6)
    foreman (0.63.0-x86-mingw32)
      dotenv (>= 0.7)
      thor (>= 0.13.6)
      win32console (~> 1.3.0)
    forwardable-extended (2.6.0)
    jekyll (3.4.5)
      addressable (~> 2.4)
      colorator (~> 1.0)
      jekyll-sass-converter (~> 1.0)
      jekyll-watch (~> 1.1)
      kramdown (~> 1.3)
      liquid (~> 3.0)
      mercenary (~> 0.3.3)
      pathutil (~> 0.9)
      rouge (~> 1.7)
      safe_yaml (~> 1.0)
    jekyll-paginate (1.1.0)
    jekyll-sass-converter (1.5.0)
      sass (~> 3.4)
    jekyll-watch (1.5.0)
      listen (~> 3.0, < 3.1)
    kramdown (1.16.1)
    liquid (3.0.6)
    listen (3.0.8)
      rb-fsevent (~> 0.9, >= 0.9.4)
      rb-inotify (~> 0.9, >= 0.9.7)
    mercenary (0.3.6)
    mini_portile2 (2.8.1)
    nokogiri (1.14.3)
      mini_portile2 (~> 2.8.0)
      racc (~> 1.4)
    nokogiri (1.14.3-x86-mingw32)
      racc (~> 1.4)
    pathutil (0.16.0)
      forwardable-extended (~> 2.6)
    public_suffix (2.0.5)
    pygments.rb (2.3.0)
    racc (1.6.2)
    rb-fsevent (0.10.2)
    rb-inotify (0.9.10)
      ffi (>= 0.5.0, < 2)
    redcarpet (3.4.0)
    rouge (1.11.1)
    safe_yaml (1.0.4)
    sass (3.5.3)
      sass-listen (~> 4.0.0)
    sass-listen (4.0.0)
      rb-fsevent (~> 0.9, >= 0.9.4)
      rb-inotify (~> 0.9, >= 0.9.7)
    thor (0.18.1)
    win32console (1.3.2-x86-mingw32)
    yajl-ruby (1.3.1)

PLATFORMS
  ruby
  x86-mingw32

DEPENDENCIES
  did_you_mean (~> 1.4.0)
  foreman
  jekyll (= 3.4.5)
  jekyll-paginate
  liquid (~> 3.0)
  nokogiri
  public_suffix (~> 2.0)
  pygments.rb
  redcarpet
  sass
  yajl-ruby (= 1.3.1)

BUNDLED WITH
   1.17.3
